PATH
  remote: .
  specs:
    image-tileify (0.1.0)
      rmagick (>= 4.1.2, < 5.4.0)

GEM
  remote: https://rubygems.org/
  specs:
    diff-lcs (1.4.2)
    pkg-config (1.5.5)
    rake (12.3.3)
    rmagick (5.3.0)
      pkg-config (~> 1.4)
    rspec (3.9.0)
      rspec-core (~> 3.9.0)
      rspec-expectations (~> 3.9.0)
      rspec-mocks (~> 3.9.0)
    rspec-core (3.9.2)
      rspec-support (~> 3.9.3)
    rspec-expectations (3.9.2)
      diff-lcs (>= 1.2.0, < 2.0)
      rspec-support (~> 3.9.0)
    rspec-mocks (3.9.1)
      diff-lcs (>= 1.2.0, < 2.0)
      rspec-support (~> 3.9.0)
    rspec-support (3.9.3)

PLATFORMS
  ruby

DEPENDENCIES
  image-tileify!
  rake (~> 12.0)
  rspec (~> 3.0)

BUNDLED WITH
   2.1.4
